GEM
  remote: https://rubygems.org/
  specs:
    cuba (3.4.0)
      rack
    hiredis (0.6.0)
    nido (0.0.1)
    ost (1.0.0)
      nido
      redic
    rack (1.6.1)
    redic (1.5.0)
      hiredis
    tilt (2.0.1)

PLATFORMS
  ruby

DEPENDENCIES
  cuba (~> 3.4.0)
  ost (~> 1.0.0)
  tilt (~> 2.0.1)
